GIT
  remote: https://github.com/OSEHRA/cqm-converter.git
  revision: bf3a6d570ace4a3dd55aa631358db7176eb494c8
  branch: master
  specs:
    cqm-converter (0.3.7)
      activesupport
      coffee-script
      cqm-models (>= 0.8.4)
      execjs
      health-data-standards
      momentjs-rails
      sprockets

GIT
  remote: https://github.com/OSEHRA/health-data-standards.git
  revision: ba8303d6bec5471e830be0cd5c837e789ffc7cd8
  branch: r5
  specs:
    health-data-standards (4.0.3)
      activesupport (~> 4.2.0)
      builder (~> 3.1)
      erubis (~> 2.7.0)
      highline (~> 1.7.0)
      log4r (~> 1.1.10)
      memoist (~> 0.9.1)
      mongoid (~> 5.0.0)
      mongoid-tree (~> 2.0.0)
      nokogiri (~> 1.8.2)
      protected_attributes (~> 1.0.5)
      rest-client (~> 1.8.0)
      rubyzip (~> 1.2.1)
      uuid (~> 2.3.7)
      zip-zip (~> 0.3)

GIT
  remote: https://github.com/OSEHRA/hqmf2js.git
  revision: a21c7ac1ac185becff6f99c5e9b23a0f730ecb76
  specs:
    hqmf2js (1.3.0)

GIT
  remote: https://github.com/OSEHRA/quality-measure-engine.git
  revision: a40afdd3d78ed0a5ceb71b53b0217b16382a619f
  branch: bump_mongoid_v6
  specs:
    quality-measure-engine (3.1.2)
      delayed_job_mongoid (~> 2.2.0)
      mongoid (~> 5.0.0)
      rubyzip (>= 1.0.0)
      zip-zip

GIT
  remote: https://github.com/collectiveidea/delayed_job_mongoid
  revision: 6d51dcf52026bc701c2ee0809d079130924fa3a8
  tag: v2.2.0
  specs:
    delayed_job_mongoid (2.2.0)
      delayed_job (>= 3.0, < 5)
      mongoid (>= 3.0, < 6)
      mongoid-compatibility

GIT
  remote: https://github.com/projecttacoma/cql_qdm_patientapi.git
  revision: b048a456ef1294627d2100687a131af58b2ae85b
  tag: v1.2.0
  specs:
    cql_qdm_patientapi (1.2.0)
      coffee-rails (~> 4.1)
      rails (~> 4.2)
      sprockets-rails (~> 2.3)

GEM
  remote: https://rubygems.org/
  specs:
    actionmailer (4.2.10)
      actionpack (= 4.2.10)
      actionview (= 4.2.10)
      activejob (= 4.2.10)
      mail (~> 2.5, >= 2.5.4)
      rails-dom-testing (~> 1.0, >= 1.0.5)
    actionpack (4.2.10)
      actionview (= 4.2.10)
      activesupport (= 4.2.10)
      rack (~> 1.6)
      rack-test (~> 0.6.2)
      rails-dom-testing (~> 1.0, >= 1.0.5)
      rails-html-sanitizer (~> 1.0, >= 1.0.2)
    actionview (4.2.10)
      activesupport (= 4.2.10)
      builder (~> 3.1)
      erubis (~> 2.7.0)
      rails-dom-testing (~> 1.0, >= 1.0.5)
      rails-html-sanitizer (~> 1.0, >= 1.0.3)
    active_model_serializers (0.8.1)
      activemodel (>= 3.0)
    activejob (4.2.10)
      activesupport (= 4.2.10)
      globalid (>= 0.3.0)
    activemodel (4.2.10)
      activesupport (= 4.2.10)
      builder (~> 3.1)
    activerecord (4.2.10)
      activemodel (= 4.2.10)
      activesupport (= 4.2.10)
      arel (~> 6.0)
    activesupport (4.2.10)
      i18n (~> 0.7)
      minitest (~> 5.1)
      thread_safe (~> 0.3, >= 0.3.4)
      tzinfo (~> 1.1)
    amq-protocol (2.3.0)
    ansi (1.5.0)
    apipie-rails (0.5.11)
      rails (>= 4.1)
    arel (6.0.4)
    autoprefixer-rails (9.2.0)
      execjs
    bcrypt (3.1.12)
    bootstrap-datepicker-rails (1.3.0.2)
      railties (>= 3.0)
    bootstrap-sass (3.3.7)
      autoprefixer-rails (>= 5.2.1)
      sass (>= 3.3.4)
    bson (4.3.0)
    bson_ext (1.5.1)
    builder (3.2.3)
    bunny (2.12.0)
      amq-protocol (~> 2.3, >= 2.3.0)
    byebug (10.0.2)
    cancan (1.6.10)
    coderay (1.1.2)
    coffee-rails (4.2.2)
      coffee-script (>= 2.2.0)
      railties (>= 4.0.0)
    coffee-script (2.4.1)
      coffee-script-source
      execjs
    coffee-script-source (1.12.2)
    concurrent-ruby (1.1.3)
    cqm-models (0.8.4)
    cqm-parsers (0.2.1)
      activesupport (~> 4.2.0)
      builder (~> 3.1)
      erubis (~> 2.7.0)
      highline (~> 1.7.0)
      log4r (~> 1.1.10)
      memoist (~> 0.9.1)
      mongoid (~> 5.0.0)
      mongoid-tree (~> 2.0.0)
      nokogiri (~> 1.8.5)
      protected_attributes (~> 1.0.5)
      rest-client (~> 1.8.0)
      rubyzip (~> 1.2.2)
      uuid (~> 2.3.7)
      zip-zip (~> 0.3)
    cqm-validators (0.1.0)
      nokogiri (~> 1.8.2)
    crass (1.0.4)
    daemons (1.2.6)
    delayed_job (4.1.5)
      activesupport (>= 3.0, < 5.3)
    devise (4.1.1)
      bcrypt (~> 3.0)
      orm_adapter (~> 0.1)
      railties (>= 4.1.0, < 5.1)
      responders
      warden (~> 1.2.3)
    docile (1.3.1)
    domain_name (0.5.20180417)
      unf (>= 0.0.5, < 1.0.0)
    erubis (2.7.0)
    eventmachine (1.2.7)
    execjs (2.7.0)
    factory_girl (4.7.0)
      activesupport (>= 3.0.0)
    ffi (1.9.25)
    foreman (0.85.0)
      thor (~> 0.19.1)
    formtastic (3.1.5)
      actionpack (>= 3.2.13)
    git (1.5.0)
    globalid (0.4.1)
      activesupport (>= 4.2.0)
    handlebars_assets (0.23.1)
      execjs (~> 2.0)
      multi_json (~> 1.0)
      sprockets (>= 2.0.0)
      tilt (>= 1.2)
    highline (1.7.10)
    hquery-patient-api (1.0.4)
    http-cookie (1.0.3)
      domain_name (~> 0.5)
    i18n (0.9.5)
      concurrent-ruby (~> 1.0)
    jasmine (2.0.1)
      jasmine-core (~> 2.0.0)
      phantomjs
      rack (>= 1.2.1)
      rake
    jasmine-core (2.0.2)
    jquery-datatables-rails (3.3.0)
      actionpack (>= 3.1)
      jquery-rails
      railties (>= 3.1)
      sass-rails
    jquery-rails (4.3.3)
      rails-dom-testing (>= 1, < 3)
      railties (>= 4.2.0)
      thor (>= 0.14, < 2.0)
    jquery-ui-rails (5.0.5)
      railties (>= 3.2.16)
    json (2.1.0)
    kgio (2.11.2)
    libv8 (3.16.14.19)
    log4r (1.1.10)
    loofah (2.2.3)
      crass (~> 1.0.2)
      nokogiri (>= 1.5.9)
    macaddr (1.7.1)
      systemu (~> 2.6.2)
    mail (2.7.1)
      mini_mime (>= 0.1.1)
    memoist (0.9.3)
    metaclass (0.0.4)
    method_source (0.9.0)
    mime-types (2.99.3)
    mini_mime (1.0.1)
    mini_portile2 (2.3.0)
    minitest (5.11.3)
    mocha (1.7.0)
      metaclass (~> 0.0.1)
    momentjs-rails (2.20.1)
      railties (>= 3.1)
    mongo (2.6.2)
      bson (>= 4.3.0, < 5.0.0)
    mongoid (5.0.2)
      activemodel (~> 4.0)
      mongo (~> 2.1)
      origin (~> 2.1)
      tzinfo (>= 0.3.37)
    mongoid-compatibility (0.5.1)
      activesupport
      mongoid (>= 2.0)
    mongoid-tree (2.0.1)
      mongoid (>= 4.0, < 6.0)
    multi_json (1.13.1)
    mustache (1.1.0)
    net-scp (1.2.1)
      net-ssh (>= 2.6.5)
    net-ssh (2.9.1)
    netrc (0.11.0)
    nokogiri (1.8.5)
      mini_portile2 (~> 2.3.0)
    non-stupid-digest-assets (1.0.9)
      sprockets (>= 2.0)
    origin (2.3.1)
    orm_adapter (0.5.0)
    phantomjs (2.1.1.0)
    protected_attributes (1.0.9)
      activemodel (>= 4.0.1, < 5.0)
    pry (0.11.3)
      coderay (~> 1.1.0)
      method_source (~> 0.9.0)
    pry-byebug (3.6.0)
      byebug (~> 10.0)
      pry (~> 0.10)
    rack (1.6.11)
    rack-test (0.6.3)
      rack (>= 1.0)
    rails (4.2.10)
      actionmailer (= 4.2.10)
      actionpack (= 4.2.10)
      actionview (= 4.2.10)
      activejob (= 4.2.10)
      activemodel (= 4.2.10)
      activerecord (= 4.2.10)
      activesupport (= 4.2.10)
      bundler (>= 1.3.0, < 2.0)
      railties (= 4.2.10)
      sprockets-rails
    rails-deprecated_sanitizer (1.0.3)
      activesupport (>= 4.2.0.alpha)
    rails-dom-testing (1.0.9)
      activesupport (>= 4.2.0, < 5.0)
      nokogiri (~> 1.6)
      rails-deprecated_sanitizer (>= 1.0.1)
    rails-html-sanitizer (1.0.4)
      loofah (~> 2.2, >= 2.2.2)
    railties (4.2.10)
      actionpack (= 4.2.10)
      activesupport (= 4.2.10)
      rake (>= 0.8.7)
      thor (>= 0.18.1, < 2.0)
    raindrops (0.19.0)
    rake (12.3.1)
    rb-fsevent (0.10.3)
    rb-inotify (0.9.10)
      ffi (>= 0.5.0, < 2)
    ref (2.0.0)
    responders (2.4.0)
      actionpack (>= 4.2.0, < 5.3)
      railties (>= 4.2.0, < 5.3)
    rest-client (1.8.0)
      http-cookie (>= 1.0.2, < 2.0)
      mime-types (>= 1.16, < 3.0)
      netrc (~> 0.7)
    ruby-ole (1.2.12.1)
    rubyzip (1.2.2)
    sass (3.6.0)
      sass-listen (~> 4.0.0)
    sass-listen (4.0.0)
      rb-fsevent (~> 0.9, >= 0.9.4)
      rb-inotify (~> 0.9, >= 0.9.7)
    sass-rails (5.0.7)
      railties (>= 4.0.0, < 6)
      sass (~> 3.1)
      sprockets (>= 2.8, < 4.0)
      sprockets-rails (>= 2.0, < 4.0)
      tilt (>= 1.1, < 3)
    select2-rails (4.0.3)
      thor (~> 0.14)
    simplecov (0.16.1)
      docile (~> 1.1)
      json (>= 1.8, < 3)
      simplecov-html (~> 0.10.0)
    simplecov-cobertura (1.3.0)
      simplecov (~> 0.8)
    simplecov-html (0.10.2)
    spreadsheet (1.0.3)
      ruby-ole (>= 1.0)
    sprockets (3.7.2)
      concurrent-ruby (~> 1.0)
      rack (> 1, < 3)
    sprockets-rails (2.3.3)
      actionpack (>= 3.0)
      activesupport (>= 3.0)
      sprockets (>= 2.8, < 4.0)
    sshkit (1.17.0)
      net-scp (>= 1.1.2)
      net-ssh (>= 2.8.0)
    systemu (2.6.5)
    therubyracer (0.12.3)
      libv8 (~> 3.16.14.15)
      ref
    thin (1.7.0)
      daemons (~> 1.0, >= 1.0.9)
      eventmachine (~> 1.0, >= 1.0.4)
      rack (>= 1, < 3)
    thor (0.19.4)
    thread_safe (0.3.6)
    tilt (2.0.8)
    turn (0.9.6)
      ansi
    tzinfo (1.2.5)
      thread_safe (~> 0.1)
    uglifier (1.3.0)
      execjs (>= 0.3.0)
      multi_json (~> 1.0, >= 1.0.2)
    unf (0.1.4)
      unf_ext
    unf_ext (0.0.7.5)
    unicorn (5.4.1)
      kgio (~> 2.6)
      raindrops (~> 0.7)
    uuid (2.3.9)
      macaddr (~> 1.0)
    warden (1.2.7)
      rack (>= 1.0)
    will_paginate (3.1.6)
    zip-zip (0.3)
      rubyzip (>= 1.0.0)

PLATFORMS
  ruby

DEPENDENCIES
  active_model_serializers (= 0.8.1)
  apipie-rails
  bootstrap-datepicker-rails (= 1.3.0.2)
  bootstrap-sass (~> 3.3.5)
  bson_ext (~> 1.5.1)
  bunny
  cancan
  coffee-rails
  cql_qdm_patientapi!
  cqm-converter!
  cqm-models (~> 0.8.4)
  cqm-parsers (~> 0.2.1)
  cqm-validators (~> 0.1.0)
  delayed_job_mongoid!
  devise (= 4.1.1)
  factory_girl (= 4.7.0)
  foreman
  formtastic
  git
  handlebars_assets (= 0.23.1)
  health-data-standards!
  highline (~> 1.7.8)
  hqmf2js!
  hquery-patient-api (= 1.0.4)
  jasmine (= 2.0.1)
  jquery-datatables-rails (= 3.3.0)
  jquery-rails
  jquery-ui-rails (~> 5.0.5)
  json
  libv8 (~> 3.16.14.3)
  minitest (~> 5.3)
  mocha
  mongo
  mongoid (~> 5.0.2)
  mustache
  net-ssh (= 2.9.1)
  nokogiri (~> 1.8.1)
  non-stupid-digest-assets
  protected_attributes (~> 1.0.9)
  pry
  pry-byebug
  quality-measure-engine!
  rails (~> 4.2.7)
  rubyzip
  sass-rails (~> 5.0.4)
  select2-rails
  simplecov
  simplecov-cobertura
  spreadsheet (= 1.0.3)
  sshkit
  therubyracer (~> 0.12.0)
  thin (= 1.7.0)
  turn
  uglifier (~> 1.3.0)
  unicorn
  will_paginate

RUBY VERSION
   ruby 2.3.7p456

BUNDLED WITH
   1.16.3
